GIT
  remote: git://github.com/thilo/glamazon.git
  revision: 5032aa1af0adec55677913604ab298d5c4c31505
  specs:
    glamazon (0.4.0)
      activesupport (>= 3.0.9)
      i18n (~> 0.5.0)
      multi_json (~> 1.0)

PATH
  remote: .
  specs:
    slanger (0.3.4)
      activesupport (~> 3.1)
      em-hiredis (~> 0.1)
      em-http-request (~> 1.0)
      em-websocket (~> 0.4)
      eventmachine (~> 1.0)
      glamazon (~> 0.4)
      puma (~> 1.0)
      rack (~> 1.3)
      rack-fiber_pool (= 0.9.1)
      signature (~> 0.1.3)
      sinatra (~> 1.2.6)

GEM
  remote: http://rubygems.org/
  specs:
    activesupport (3.1.4)
      multi_json (~> 1.0)
    addressable (2.3.2)
    cookiejar (0.3.0)
    crack (0.3.2)
    diff-lcs (1.1.3)
    em-hiredis (0.1.1)
      hiredis (~> 0.4.0)
    em-http-request (1.0.3)
      addressable (>= 2.2.3)
      cookiejar
      em-socksify
      eventmachine (>= 1.0.0.beta.4)
      http_parser.rb (>= 0.5.3)
    em-socksify (0.2.1)
      eventmachine (>= 1.0.0.beta.4)
    em-websocket (0.4.0)
      eventmachine (>= 0.12.9)
      http_parser.rb (~> 0.5.3)
    eventmachine (1.0.0-java)
    haml (3.1.7)
    hiredis (0.4.5-java)
    http_parser.rb (0.5.3-java)
    i18n (0.5.0)
    metaclass (0.0.1)
    mocha (0.12.9)
      metaclass (~> 0.0.1)
    multi_json (1.5.0)
    puma (1.6.3-java)
      rack (~> 1.2)
    pusher (0.9.4)
      multi_json (~> 1.0)
      signature (~> 0.1.2)
    rack (1.5.1)
    rack-fiber_pool (0.9.1)
    rake (10.0.3)
    rspec (2.12.0)
      rspec-core (~> 2.12.0)
      rspec-expectations (~> 2.12.0)
      rspec-mocks (~> 2.12.0)
    rspec-core (2.12.2)
    rspec-expectations (2.12.1)
      diff-lcs (~> 1.1.3)
    rspec-mocks (2.12.2)
    signature (0.1.6)
    sinatra (1.2.8)
      rack (~> 1.1)
      tilt (>= 1.2.2, < 2.0)
    spoon (0.0.1)
    tilt (1.3.3)
    timecop (0.3.5)
    webmock (1.8.11)
      addressable (>= 2.2.7)
      crack (>= 0.1.7)

PLATFORMS
  java

DEPENDENCIES
  glamazon!
  haml (~> 3.1.2)
  mocha (~> 0.12.0)
  pusher (~> 0.9.3)
  rake
  rspec (~> 2.6)
  slanger!
  spoon (~> 0.0.1)
  timecop (~> 0.3.5)
  webmock (~> 1.8.7)
